GEM
  remote: http://rubygems.org/
  specs:
    fakefs (0.4.0)
    ffi (1.0.11)
    guard (1.1.1)
      listen (>= 0.4.2)
      thor (>= 0.14.6)
    guard-bundler (0.1.3)
      bundler (>= 1.0.0)
      guard (>= 0.2.2)
    guard-minitest (0.5.0)
      guard (>= 0.4)
    libnotify (0.7.3)
    listen (0.4.5)
      rb-fchange (~> 0.0.5)
      rb-fsevent (~> 0.9.1)
      rb-inotify (~> 0.8.8)
    metaclass (0.0.1)
    minitest (3.0.1)
    minitest-libnotify (0.2.2)
      libnotify
      minitest
    mocha (0.11.4)
      metaclass (~> 0.0.1)
    rake (0.9.2.2)
    rb-fchange (0.0.5)
      ffi
    rb-fsevent (0.9.1)
    rb-inotify (0.8.8)
      ffi (>= 0.5.0)
    thor (0.15.2)

PLATFORMS
  ruby

DEPENDENCIES
  fakefs
  guard
  guard-bundler
  guard-minitest
  minitest
  minitest-libnotify
  mocha
  rake
